GEM
  remote: https://rubygems.org/
  specs:
    curb (1.0.1)
    diff-lcs (1.5.0)
    mustermann (3.0.0)
      ruby2_keywords (~> 0.0.1)
    rack (2.2.4)
    rack-protection (3.0.4)
      rack
    rake (13.0.6)
    rspec (3.12.0)
      rspec-core (~> 3.12.0)
      rspec-expectations (~> 3.12.0)
      rspec-mocks (~> 3.12.0)
    rspec-core (3.12.0)
      rspec-support (~> 3.12.0)
    rspec-expectations (3.12.0)
      diff-lcs (>= 1.2.0, < 2.0)
      rspec-support (~> 3.12.0)
    rspec-mocks (3.12.0)
      diff-lcs (>= 1.2.0, < 2.0)
      rspec-support (~> 3.12.0)
    rspec-support (3.12.0)
    ruby2_keywords (0.0.5)
    sinatra (3.0.4)
      mustermann (~> 3.0)
      rack (~> 2.2, >= 2.2.4)
      rack-protection (= 3.0.4)
      tilt (~> 2.0)
    tilt (2.0.11)

PLATFORMS
  x86_64-linux

DEPENDENCIES
  curb
  rake
  rspec
  sinatra

BUNDLED WITH
   2.3.7
